PATH
  remote: .
  specs:
    print_chart (0.0.1)
      resque (~> 1.25.2)
      rest-client (~> 1.6.7)

GEM
  remote: https://rubygems.org/
  specs:
    addressable (2.3.6)
    crack (0.4.2)
      safe_yaml (~> 1.0.0)
    database_cleaner (1.2.0)
    dotenv (0.10.0)
    mime-types (2.2)
    minispec-metadata (2.0.0)
      minitest
    minitest (5.3.1)
    minitest-stub_any_instance (1.0.0)
    minitest-vcr (0.1.0)
      database_cleaner (>= 1.0.1)
      minispec-metadata (~> 2.0.0)
      minitest (>= 4.7.5)
      vcr (~> 2.8.0)
    mono_logger (1.1.0)
    multi_json (1.9.2)
    rack (1.5.2)
    rack-protection (1.5.2)
      rack
    redis (3.0.7)
    redis-namespace (1.4.1)
      redis (~> 3.0.4)
    resque (1.25.2)
      mono_logger (~> 1.0)
      multi_json (~> 1.0)
      redis-namespace (~> 1.3)
      sinatra (>= 0.9.2)
      vegas (~> 0.1.2)
    rest-client (1.6.7)
      mime-types (>= 1.16)
    safe_yaml (1.0.1)
    sinatra (1.4.4)
      rack (~> 1.4)
      rack-protection (~> 1.4)
      tilt (~> 1.3, >= 1.3.4)
    tilt (1.4.1)
    vcr (2.8.0)
    vegas (0.1.11)
      rack (>= 1.0.0)
    webmock (1.17.4)
      addressable (>= 2.2.7)
      crack (>= 0.3.2)

PLATFORMS
  ruby

DEPENDENCIES
  bundler
  dotenv
  minitest
  minitest-stub_any_instance
  minitest-vcr
  print_chart!
  webmock
